GEM
  remote: https://rubygems.org/
  specs:
    json (2.3.1)
    mustermann (2.0.2)
      ruby2_keywords (~> 0.0.1)
    rack (2.2.4)
    rack-cache (1.2)
      rack (>= 0.4)
    rack-protection (2.2.3)
      rack
    rethinkdb (2.1.0)
      json
    ruby2_keywords (0.0.5)
    sinatra (2.2.3)
      mustermann (~> 2.0)
      rack (~> 2.2)
      rack-protection (= 2.2.3)
      tilt (~> 2.0)
    tilt (2.0.11)

PLATFORMS
  ruby

DEPENDENCIES
  rack-cache
  rethinkdb
  sinatra
