GEM
  remote: https://rubygems.org/
  specs:
    json (2.3.1)
    rack (1.6.12)
    rack-cache (1.2)
      rack (>= 0.4)
    rack-protection (1.5.5)
      rack
    rethinkdb (2.1.0)
      json
    sinatra (1.4.6)
      rack (~> 1.4)
      rack-protection (~> 1.4)
      tilt (>= 1.3, < 3)
    tilt (2.0.1)

PLATFORMS
  ruby

DEPENDENCIES
  rack-cache
  rethinkdb
  sinatra
